GEM
  remote: http://rubygems.org/
  specs:
    activesupport (6.0.3.1)
      concurrent-ruby (~> 1.0, >= 1.0.2)
      i18n (>= 0.7, < 2)
      minitest (~> 5.1)
      tzinfo (~> 1.1)
      zeitwerk (~> 2.2, >= 2.2.2)
    addressable (2.4.0)
    builder (3.2.3)
    concurrent-ruby (1.1.6)
    descendants_tracker (0.0.4)
      thread_safe (~> 0.3, >= 0.3.1)
    docile (1.3.1)
    faraday (0.9.2)
      multipart-post (>= 1.2, < 3)
    git (1.5.0)
    github_api (0.16.0)
      addressable (~> 2.4.0)
      descendants_tracker (~> 0.0.4)
      faraday (~> 0.8, < 0.10)
      hashie (>= 3.4)
      mime-types (>= 1.16, < 3.0)
      oauth2 (~> 1.0)
    hashie (3.6.0)
    highline (2.0.1)
    httparty (0.16.2)
      multi_xml (>= 0.5.2)
    i18n (1.8.2)
      concurrent-ruby (~> 1.0)
    jeweler (2.3.9)
      builder
      bundler
      git (>= 1.2.5)
      github_api (~> 0.16.0)
      highline (>= 1.6.15)
      nokogiri (>= 1.5.10)
      psych
      rake
      rdoc
      semver2
    json (2.3.1)
    jwt (2.1.0)
    log_buddy (0.7.0)
    mime-types (2.99.3)
    mini_portile2 (2.6.1)
    minitest (5.14.1)
    multi_json (1.13.1)
    multi_xml (0.6.0)
    multipart-post (2.0.0)
    nokogiri (1.12.5)
      mini_portile2 (~> 2.6.1)
      racc (~> 1.4)
    oauth2 (1.4.1)
      faraday (>= 0.8, < 0.16.0)
      jwt (>= 1.0, < 3.0)
      multi_json (~> 1.3)
      multi_xml (~> 0.5)
      rack (>= 1.2, < 3)
    psych (3.1.0)
    racc (1.5.2)
    rack (2.2.3)
    rake (13.0.1)
    rdoc (6.3.2)
    semver2 (3.4.2)
    shoulda (3.6.0)
      shoulda-context (~> 1.0, >= 1.0.1)
      shoulda-matchers (~> 3.0)
    shoulda-context (1.2.2)
    shoulda-matchers (3.1.3)
      activesupport (>= 4.0.0)
    simplecov (0.16.1)
      docile (~> 1.1)
      json (>= 1.8, < 3)
      simplecov-html (~> 0.10.0)
    simplecov-html (0.10.2)
    thread_safe (0.3.6)
    tzinfo (1.2.7)
      thread_safe (~> 0.1)
    zeitwerk (2.3.0)

PLATFORMS
  ruby

DEPENDENCIES
  bundler
  httparty
  jeweler
  log_buddy
  shoulda
  simplecov

BUNDLED WITH
   1.17.2
