GEM
  remote: http://rubygems.org/
  specs:
    git (1.2.5)
    httparty (0.8.1)
      multi_json
      multi_xml
    jeweler (1.6.4)
      bundler (~> 1.0)
      git (>= 1.2.5)
      rake
    log_buddy (0.6.0)
    multi_json (1.0.3)
    multi_xml (0.4.1)
    rake (0.9.2.2)
    rcov (0.9.11)
    shoulda (2.11.3)
    xml-simple (1.1.4)

PLATFORMS
  ruby

DEPENDENCIES
  bundler
  httparty
  jeweler
  log_buddy
  rcov
  shoulda
  xml-simple
